GEM
  remote: https://rubygems.org/
  specs:
    rubyzip (1.2.2)
    thor (0.20.3)

PLATFORMS
  x64-mingw32

DEPENDENCIES
  rubyzip
  thor

BUNDLED WITH
   2.0.1
